GEM
  remote: http://rubygems.org/
  specs:
    activesupport (3.2.3)
      i18n (~> 0.6)
      multi_json (~> 1.0)
    addressable (2.2.7)
    daemons (1.1.8)
    eventmachine (0.12.10)
    faraday (0.7.6)
      addressable (~> 2.2)
      multipart-post (~> 1.1)
      rack (~> 1.1)
    googleajax (1.0.1)
      json (>= 1.0.0)
    haml (3.1.4)
    i18n (0.6.0)
    json (1.6.6)
    multi_json (1.3.2)
    multipart-post (1.1.5)
    rack (1.4.1)
    simple_oauth (0.1.5)
    sinatra (1.1.0)
      rack (~> 1.1)
      tilt (~> 1.1)
    thin (1.3.1)
      daemons (>= 1.0.9)
      eventmachine (>= 0.12.6)
      rack (>= 1.0.0)
    tilt (1.3.3)
    twitter (2.2.2)
      activesupport (>= 2.3.9, < 4)
      faraday (~> 0.7)
      multi_json (~> 1.3)
      simple_oauth (~> 0.1)

PLATFORMS
  ruby

DEPENDENCIES
  googleajax
  haml
  json
  sinatra (= 1.1.0)
  thin
  twitter
